GEM
  remote: https://rubygems.org/
  specs:
    activesupport (5.0.1)
      concurrent-ruby (~> 1.0, >= 1.0.2)
      i18n (~> 0.7)
      minitest (~> 5.1)
      tzinfo (~> 1.1)
    addressable (2.5.0)
      public_suffix (~> 2.0, >= 2.0.2)
    ast (2.3.0)
    backports (3.6.8)
    codeclimate-test-reporter (1.0.5)
      simplecov
    concurrent-ruby (1.0.4)
    diff-lcs (1.3)
    docile (1.1.5)
    faker (1.7.2)
      i18n (~> 0.5)
    haml (4.0.7)
      tilt
    http_server_manager (0.5.0)
      rake (>= 10.4)
      sys-proctree (~> 0.0)
      wait_until (~> 0.3)
    http_stub (0.27.0)
      activesupport (~> 5.0)
      haml (~> 4.0)
      http_server_manager (~> 0.5)
      json-schema (~> 2.7)
      multipart-post (~> 2.0)
      rake (>= 10.4)
      sass (~> 3.4)
      sinatra (~> 1.4)
      sinatra-contrib (~> 1.4)
      sinatra-partial (~> 1.0)
    httparty (0.14.0)
      multi_xml (>= 0.5.2)
    i18n (0.8.0)
    json (2.0.3)
    json-schema (2.7.0)
      addressable (>= 2.4)
    mini_portile2 (2.4.0)
    minitest (5.10.1)
    multi_json (1.12.1)
    multi_xml (0.6.0)
    multipart-post (2.0.0)
    nokogiri (1.10.8)
      mini_portile2 (~> 2.4.0)
    parser (2.3.3.1)
      ast (~> 2.2)
    powerpack (0.1.1)
    public_suffix (2.0.5)
    rack (1.6.5)
    rack-protection (1.5.3)
      rack
    rack-test (0.6.3)
      rack (>= 1.0)
    rainbow (2.2.1)
    rake (12.0.0)
    rspec (3.5.0)
      rspec-core (~> 3.5.0)
      rspec-expectations (~> 3.5.0)
      rspec-mocks (~> 3.5.0)
    rspec-core (3.5.4)
      rspec-support (~> 3.5.0)
    rspec-expectations (3.5.0)
      diff-lcs (>= 1.2.0, < 2.0)
      rspec-support (~> 3.5.0)
    rspec-mocks (3.5.0)
      diff-lcs (>= 1.2.0, < 2.0)
      rspec-support (~> 3.5.0)
    rspec-support (3.5.0)
    rubocop (0.47.1)
      parser (>= 2.3.3.1, < 3.0)
      powerpack (~> 0.1)
      rainbow (>= 1.99.1, < 3.0)
      ruby-progressbar (~> 1.7)
      unicode-display_width (~> 1.0, >= 1.0.1)
    ruby-progressbar (1.8.1)
    sass (3.4.23)
    simplecov (0.13.0)
      docile (~> 1.1.0)
      json (>= 1.8, < 3)
      simplecov-html (~> 0.10.0)
    simplecov-html (0.10.0)
    sinatra (1.4.8)
      rack (~> 1.5)
      rack-protection (~> 1.4)
      tilt (>= 1.3, < 3)
    sinatra-contrib (1.4.7)
      backports (>= 2.0)
      multi_json
      rack-protection
      rack-test
      sinatra (~> 1.4.0)
      tilt (>= 1.3, < 3)
    sinatra-partial (1.0.0)
      sinatra (~> 1.4)
    sys-proctable (1.0.0-universal-aix-5)
    sys-proctree (0.0.10)
      sys-proctable (= 1.0.0)
    thread_safe (0.3.5)
    tilt (2.0.6)
    travis-lint (2.0.0)
      json
    tzinfo (1.2.2)
      thread_safe (~> 0.1)
    unicode-display_width (1.1.3)
    wait_until (0.3.0)

PLATFORMS
  ruby

DEPENDENCIES
  activesupport (~> 5.0)
  codeclimate-test-reporter (~> 1.0)
  faker (~> 1.7)
  haml (~> 4.0)
  http_server_manager (~> 0.5)
  http_stub (~> 0.27)
  httparty (~> 0.14)
  nokogiri (~> 1.10)
  rack-test (~> 0.6)
  rspec (~> 3.5)
  rubocop (~> 0.47)
  simplecov (~> 0.13)
  sinatra (~> 1.4)
  travis-lint (~> 2.0)

BUNDLED WITH
   1.14.3
